PATH
  remote: .
  specs:
    twilio_send_sms (0.0.1.5)
      activesupport (~> 4.0)
      twilio-ruby (~> 4.0)

GEM
  remote: https://rubygems.org/
  specs:
    activesupport (4.2.8)
      i18n (~> 0.7)
      minitest (~> 5.1)
      thread_safe (~> 0.3, >= 0.3.4)
      tzinfo (~> 1.1)
    builder (3.2.3)
    i18n (0.8.1)
    jwt (1.5.6)
    minitest (5.10.1)
    multi_json (1.12.1)
    thread_safe (0.3.6)
    twilio-ruby (4.13.0)
      builder (>= 2.1.2)
      jwt (~> 1.0)
      multi_json (>= 1.3.0)
    tzinfo (1.2.2)
      thread_safe (~> 0.1)

PLATFORMS
  ruby

DEPENDENCIES
  twilio_send_sms!

BUNDLED WITH
   1.13.6
